GEM
  remote: http://rubygems.org/
  specs:
    addressable (2.3.6)
    capybara (2.2.1)
      mime-types (>= 1.16)
      nokogiri (>= 1.3.3)
      rack (>= 1.0.0)
      rack-test (>= 0.5.4)
      xpath (~> 2.0)
    childprocess (0.5.2)
      ffi (~> 1.0, >= 1.0.11)
    colorize (0.7.1)
    ffi (1.9.3)
    mime-types (2.2)
    mini_portile (0.5.3)
    multi_json (1.9.2)
    nokogiri (1.6.1)
      mini_portile (~> 0.5.0)
    rack (1.5.2)
    rack-test (0.6.2)
      rack (>= 1.0)
    rake (10.2.2)
    rubyzip (1.1.2)
    selenium-webdriver (2.41.0)
      childprocess (>= 0.5.0)
      multi_json (~> 1.0)
      rubyzip (~> 1.0)
      websocket (~> 1.0.4)
    smart_colored (1.1.1)
    sys-proctable (0.9.4)
    wbench (0.4.0)
      addressable
      capybara
      colorize
      selenium-webdriver
    websocket (1.0.7)
    xpath (2.0.0)
      nokogiri (~> 1.3)

PLATFORMS
  ruby

DEPENDENCIES
  rake (~> 10.2.2)
  smart_colored (~> 1.1)
  sys-proctable (~> 0.9.4)
  wbench (~> 0.4.0)
